GEM
  remote: http://rubygems.org/
  specs:
    dragonfly (0.9.12)
      rack
    eventmachine (0.12.10)
    eventmachine_httpserver (0.2.1)
    kgio (2.7.4)
    mini_magick (3.4)
      subexec (~> 0.2.1)
    puma (1.3.1)
      rack (~> 1.2)
    rack (1.4.1)
    raindrops (0.9.0)
    subexec (0.2.2)
    unicorn (4.3.1)
      kgio (~> 2.6)
      rack
      raindrops (~> 0.7)

PLATFORMS
  ruby

DEPENDENCIES
  dragonfly
  eventmachine
  eventmachine_httpserver
  mini_magick
  puma
  unicorn
