GEM
  remote: http://rubygems.org/
  specs:
    mini_magick (3.4)
      subexec (~> 0.2.1)
    puma (1.3.1)
      rack (~> 1.2)
    puma (1.3.1-java)
      rack (~> 1.2)
    rack (1.4.1)
    subexec (0.2.2)

PLATFORMS
  java
  ruby

DEPENDENCIES
  mini_magick
  puma
  rack
